RESTRICTION: >= net45
NUGET
  remote: https://www.nuget.org/api/v2
    Argu (3.7)
    canopy (1.3)
      FSharp.Core (>= 3.0.2)
      Selenium.WebDriver (>= 3.4)
    Expecto (5.0-rc1)
      Argu (>= 3.7)
      FSharp.Core (>= 4.1.12)
      Mono.Cecil (>= 0.10.0-beta5)
    FSharp.Core (4.2.1)
    Mono.Cecil (0.10.0-beta6)
    Selenium.WebDriver (3.4)
